GIT
  remote: git://github.com/fnando/i18n-js.git
  revision: 4b79c0e99505eda1b51597d7019b83e4b0f820b4
  tag: v3.0.0.rc5
  specs:
    i18n-js (3.0.0.rc5)
      i18n

GIT
  remote: git://github.com/mongoid/mongoid.git
  revision: 124c600930fd05dc75e5ef4a77a4b5ae12e64825
  tag: v4.0.0.rc2
  specs:
    mongoid (4.0.0.rc2)
      activemodel (~> 4.0)
      moped (~> 2.0.0.rc2)
      origin (~> 2.1)
      tzinfo (>= 0.3.37)

GIT
  remote: git://github.com/simi/mongoid-paranoia.git
  revision: 5246f3e1193cafb989ea390b342b0100829b547d
  specs:
    mongoid-paranoia (0.1)
      mongoid (> 3)

GEM
  remote: https://rubygems.org/
  specs:
    actionmailer (4.0.8)
      actionpack (= 4.0.8)
      mail (~> 2.5.4)
    actionpack (4.0.8)
      activesupport (= 4.0.8)
      builder (~> 3.1.0)
      erubis (~> 2.7.0)
      rack (~> 1.5.2)
      rack-test (~> 0.6.2)
    activemodel (4.0.8)
      activesupport (= 4.0.8)
      builder (~> 3.1.0)
    activerecord (4.0.8)
      activemodel (= 4.0.8)
      activerecord-deprecated_finders (~> 1.0.2)
      activesupport (= 4.0.8)
      arel (~> 4.0.0)
    activerecord-deprecated_finders (1.0.3)
    activesupport (4.0.8)
      i18n (~> 0.6, >= 0.6.9)
      minitest (~> 4.2)
      multi_json (~> 1.3)
      thread_safe (~> 0.1)
      tzinfo (~> 0.3.37)
    addressable (2.3.6)
    arel (4.0.2)
    bcrypt (3.1.7)
    better_errors (1.1.0)
      coderay (>= 1.0.0)
      erubis (>= 2.6.6)
    binding_of_caller (0.7.2)
      debug_inspector (>= 0.0.1)
    bootstrap-kaminari-views (0.0.3)
      kaminari (>= 0.13)
      rails (>= 3.1)
    bootstrap-sass (3.1.1.1)
      sass (~> 3.2)
    bootstrap_form (2.1.1)
    bson (2.3.0)
    bson_ext (1.5.1)
    builder (3.1.4)
    capistrano (3.2.1)
      i18n
      rake (>= 10.0.0)
      sshkit (~> 1.3)
    capistrano-bundler (1.1.2)
      capistrano (~> 3.0)
      sshkit (~> 1.2)
    capistrano-rails (1.1.1)
      capistrano (~> 3.1)
      capistrano-bundler (~> 1.1)
    capistrano-rbenv (2.0.2)
      capistrano (~> 3.1)
      sshkit (~> 1.3)
    capybara (2.4.1)
      mime-types (>= 1.16)
      nokogiri (>= 1.3.3)
      rack (>= 1.0.0)
      rack-test (>= 0.5.4)
      xpath (~> 2.0)
    capybara-webkit (1.1.0)
      capybara (~> 2.0, >= 2.0.2)
      json
    carrierwave (0.10.0)
      activemodel (>= 3.2.0)
      activesupport (>= 3.2.0)
      json (>= 1.7)
      mime-types (>= 1.16)
    carrierwave-mongoid (0.7.1)
      carrierwave (>= 0.8.0, < 0.11.0)
      mongoid (>= 3.0, < 5.0)
      mongoid-grid_fs (>= 1.3, < 3.0)
    cells (3.11.1)
      actionpack (>= 3.0)
      railties (>= 3.0)
      uber (~> 0.0.6)
    coderay (1.1.0)
    coffee-rails (4.0.1)
      coffee-script (>= 2.2.0)
      railties (>= 4.0.0, < 5.0)
    coffee-script (2.2.0)
      coffee-script-source
      execjs
    coffee-script-source (1.7.0)
    colorize (0.7.3)
    connection_pool (2.0.0)
    database_cleaner (1.2.0)
    debug_inspector (0.0.2)
    diff-lcs (1.2.5)
    diffy (3.0.5)
    dotenv (0.11.1)
      dotenv-deployment (~> 0.0.2)
    dotenv-deployment (0.0.2)
    dotenv-rails (0.11.1)
      dotenv (= 0.11.1)
    draper (1.3.1)
      actionpack (>= 3.0)
      activemodel (>= 3.0)
      activesupport (>= 3.0)
      request_store (~> 1.0.3)
    easy_diff (0.0.3)
    elasticsearch (0.4.11)
      elasticsearch-api (= 0.4.11)
      elasticsearch-transport (= 0.4.11)
    elasticsearch-api (0.4.11)
      multi_json
    elasticsearch-transport (0.4.11)
      faraday
      multi_json
    email_spec (1.5.0)
      launchy (~> 2.1)
      mail (~> 2.2)
    erubis (2.7.0)
    excon (0.38.0)
    execjs (2.2.1)
    factory_girl (4.4.0)
      activesupport (>= 3.0.0)
    factory_girl_rails (4.4.1)
      factory_girl (~> 4.4.0)
      railties (>= 3.0.0)
    faker (1.3.0)
      i18n (~> 0.5)
    faraday (0.9.0)
      multipart-post (>= 1.2, < 3)
    fog (1.22.1)
      fog-brightbox
      fog-core (~> 1.22)
      fog-json
      ipaddress (~> 0.5)
      nokogiri (~> 1.5, >= 1.5.11)
    fog-brightbox (0.1.1)
      fog-core (~> 1.22)
      fog-json
      inflecto
    fog-core (1.22.0)
      builder
      excon (~> 0.33)
      formatador (~> 0.2)
      mime-types
      net-scp (~> 1.1)
      net-ssh (>= 2.1.3)
    fog-json (1.0.0)
      multi_json (~> 1.0)
    font-awesome-rails (4.1.0.0)
      railties (>= 3.2, < 5.0)
    formatador (0.2.5)
    glebtv-mongoid-rspec (1.12.0)
      mongoid (>= 3.0, < 4.1)
      rake
      rspec (>= 2.14)
    hashie (3.1.0)
    high_voltage (2.2.0)
    hike (1.2.3)
    htmlentities (4.3.2)
    i18n (0.6.11)
    inflecto (0.0.2)
    ionicons-rails (1.4.1.0)
    ipaddress (0.8.0)
    jbuilder (2.0.8)
      activesupport (>= 3.0.0, < 5)
      multi_json (~> 1.2)
    jquery-rails (3.1.1)
      railties (>= 3.0, < 5.0)
      thor (>= 0.14, < 2.0)
    json (1.8.1)
    jwt (1.0.0)
    kaminari (0.15.1)
      actionpack (>= 3.0.0)
      activesupport (>= 3.0.0)
    launchy (2.4.2)
      addressable (~> 2.3)
    leaflet-markercluster-rails (0.7.0)
      railties (>= 3.1)
    leaflet-rails (0.7.3)
    letter_opener (1.2.0)
      launchy (~> 2.2)
    letter_opener_web (1.2.1)
      letter_opener (~> 1.0)
      rails (>= 3.2)
    libv8 (3.16.14.3)
    mail (2.5.4)
      mime-types (~> 1.16)
      treetop (~> 1.4.8)
    mime-types (1.25.1)
    mini_magick (3.7.0)
      subexec (~> 0.2.1)
    mini_portile (0.6.0)
    minitest (4.7.5)
    modernizr-rails (2.7.1)
    momentjs-rails (2.6.0)
      railties (>= 3.1)
    mongoid-audit (0.3.2)
      easy_diff (~> 0.0.2)
      mongoid (~> 4.0.0.alpha1)
      rails-observers (~> 0.1.2)
    mongoid-grid_fs (2.1.0)
      mime-types (>= 1.0, < 3.0)
      mongoid (>= 3.0, < 5.0)
    mongoid_alize (0.4.3)
      mongoid (>= 2.4)
    mongoid_magic_counter_cache (1.1.0)
      mongoid
      rake
    mongoid_slug (3.2.1)
      mongoid (> 3.0)
      stringex (~> 2.0)
    mongoid_taggable (1.1.1)
      mongoid (>= 3)
      rake
    moped (2.0.0)
      bson (~> 2.2)
      connection_pool (~> 2.0)
      optionable (~> 0.2.0)
    multi_json (1.10.1)
    multi_xml (0.5.5)
    multipart-post (2.0.0)
    nested_form (0.3.2)
    net-scp (1.2.1)
      net-ssh (>= 2.6.5)
    net-ssh (2.9.1)
    nokogiri (1.6.2.1)
      mini_portile (= 0.6.0)
    oauth (0.4.7)
    oauth2 (0.9.4)
      faraday (>= 0.8, < 0.10)
      jwt (~> 1.0)
      multi_json (~> 1.3)
      multi_xml (~> 0.5)
      rack (~> 1.2)
    optionable (0.2.0)
    origin (2.1.1)
    pluggable_js (2.0.0)
      coffee-rails
      jquery-rails
      rails (>= 3.1)
    polyglot (0.3.5)
    public_activity (1.4.1)
      actionpack (>= 3.0.0)
      activerecord (>= 3.0)
      i18n (>= 0.5.0)
      railties (>= 3.0.0)
    quiet_assets (1.0.3)
      railties (>= 3.1, < 5.0)
    rack (1.5.2)
    rack-test (0.6.2)
      rack (>= 1.0)
    rails (4.0.8)
      actionmailer (= 4.0.8)
      actionpack (= 4.0.8)
      activerecord (= 4.0.8)
      activesupport (= 4.0.8)
      bundler (>= 1.3.0, < 2.0)
      railties (= 4.0.8)
      sprockets-rails (~> 2.0)
    rails-i18n (4.0.2)
      i18n (~> 0.6)
      rails (>= 4.0)
    rails-observers (0.1.2)
      activemodel (~> 4.0)
    railties (4.0.8)
      actionpack (= 4.0.8)
      activesupport (= 4.0.8)
      rake (>= 0.8.7)
      thor (>= 0.18.1, < 2.0)
    rake (10.3.2)
    ref (1.0.5)
    remotipart (1.2.1)
    request_store (1.0.6)
    roboto (0.2.0)
      actionpack (>= 3.0.0)
      rails (>= 3.1.0)
    rspec (2.14.1)
      rspec-core (~> 2.14.0)
      rspec-expectations (~> 2.14.0)
      rspec-mocks (~> 2.14.0)
    rspec-core (2.14.8)
    rspec-expectations (2.14.5)
      diff-lcs (>= 1.1.3, < 2.0)
    rspec-mocks (2.14.6)
    rspec-rails (2.14.2)
      actionpack (>= 3.0)
      activemodel (>= 3.0)
      activesupport (>= 3.0)
      railties (>= 3.0)
      rspec-core (~> 2.14.0)
      rspec-expectations (~> 2.14.0)
      rspec-mocks (~> 2.14.0)
    sass (3.2.19)
    sass-rails (4.0.3)
      railties (>= 4.0.0, < 5.0)
      sass (~> 3.2.0)
      sprockets (~> 2.8, <= 2.11.0)
      sprockets-rails (~> 2.0)
    searchkick (0.7.9)
      activemodel
      elasticsearch (~> 0.4.11)
      hashie
    seedbank (0.3.0)
    selectize-rails (0.9.1)
    sorcery (0.8.6)
      bcrypt (~> 3.1)
      oauth (~> 0.4, >= 0.4.4)
      oauth2 (>= 0.8.0, < 1.0.0)
    spork (1.0.0rc4)
    spork-rails (4.0.0)
      rails (>= 3.0.0, < 5)
      spork (>= 1.0rc0)
    sprockets (2.11.0)
      hike (~> 1.2)
      multi_json (~> 1.0)
      rack (~> 1.0)
      tilt (~> 1.1, != 1.3.0)
    sprockets-rails (2.1.3)
      actionpack (>= 3.0)
      activesupport (>= 3.0)
      sprockets (~> 2.8)
    sshkit (1.5.1)
      colorize
      net-scp (>= 1.1.2)
      net-ssh (>= 2.8.0)
    stringex (2.5.2)
    subexec (0.2.3)
    therubyracer (0.12.1)
      libv8 (~> 3.16.14.0)
      ref
    thor (0.19.1)
    thread_safe (0.3.4)
    tilt (1.4.1)
    treetop (1.4.15)
      polyglot
      polyglot (>= 0.3.1)
    tzinfo (0.3.39)
    uber (0.0.7)
    uglifier (2.5.1)
      execjs (>= 0.3.0)
      json (>= 1.8.0)
    underscore-rails (1.6.0)
    video_info (2.3.1)
      addressable
      htmlentities
      multi_json
    xpath (2.0.0)
      nokogiri (~> 1.3)

PLATFORMS
  ruby

DEPENDENCIES
  better_errors
  binding_of_caller
  bootstrap-kaminari-views (~> 0.0.3)
  bootstrap-sass (~> 3.1.1.1)
  bootstrap_form (~> 2.1.1)
  bson_ext
  capistrano (~> 3.2.1)
  capistrano-bundler (~> 1.1.2)
  capistrano-rails (~> 1.1.1)
  capistrano-rbenv (~> 2.0.2)
  capybara
  capybara-webkit
  carrierwave-mongoid (~> 0.7.1)
  cells (~> 3.11.1)
  coffee-rails (~> 4.0.1)
  database_cleaner (~> 1.2.0)
  diffy (~> 3.0.4)
  dotenv-deployment (~> 0.0.2)
  dotenv-rails (~> 0.11.1)
  draper (~> 1.3.0)
  email_spec (~> 1.5.0)
  factory_girl_rails (~> 4.4.1)
  faker (~> 1.3.0)
  fog (~> 1.22.1)
  font-awesome-rails (~> 4.1.0.0)
  glebtv-mongoid-rspec (~> 1.12.0)
  high_voltage (~> 2.2.0)
  i18n-js!
  ionicons-rails (~> 1.4.1.0)
  jbuilder (~> 2.0.7)
  jquery-rails (~> 3.1.1)
  kaminari (~> 0.15.1)
  launchy (~> 2.4.2)
  leaflet-markercluster-rails (~> 0.7.0)
  leaflet-rails (~> 0.7.3)
  letter_opener
  letter_opener_web
  mini_magick (~> 3.7.0)
  modernizr-rails (~> 2.7.1)
  momentjs-rails (~> 2.6.0)
  mongoid!
  mongoid-audit (~> 0.3.2)
  mongoid-paranoia!
  mongoid_alize (~> 0.4.3)
  mongoid_magic_counter_cache (~> 1.1.0)
  mongoid_slug (~> 3.2.1)
  mongoid_taggable (~> 1.1.1)
  nested_form (~> 0.3.2)
  nokogiri (~> 1.6.2.1)
  pluggable_js (~> 2.0.0)
  public_activity (~> 1.4.1)
  quiet_assets
  rails (= 4.0.8)
  rails-i18n (~> 4.0.2)
  remotipart (~> 1.2.1)
  roboto (~> 0.2.0)
  rspec-rails (~> 2.14.2)
  sass-rails (~> 4.0.3)
  searchkick (~> 0.7.6)
  seedbank (~> 0.3.0)
  selectize-rails (~> 0.9.1)
  sorcery (~> 0.8.5)
  spork-rails (~> 4.0.0)
  therubyracer (~> 0.12.1)
  uglifier (~> 2.5.0)
  underscore-rails (~> 1.6.0)
  video_info (~> 2.3.1)
